GIT
  remote: git://github.com/nmeylan/will_paginate.git
  revision: e11cae7b2d9801719b9baa5db1588793809b8c7e
  branch: master
  specs:
    will_paginate (3.1.0)

GIT
  remote: git://github.com/plataformatec/devise.git
  revision: a4d3b9f14afa442f362c1d2bba5cf67e618c4d31
  branch: master
  specs:
    devise (4.1.0)
      bcrypt (~> 3.0)
      orm_adapter (~> 0.1)
      railties (>= 4.1.0, < 5.1)
      responders
      warden (~> 1.2.3)

GIT
  remote: git://github.com/pranik/globalize.git
  revision: 9a27a3ab3daf13ade3712da8dc71d70e47dfb2d8
  branch: pr_501_502_503
  specs:
    globalize (5.1.0)
      activemodel (>= 4.2, < 5.1)
      activerecord (>= 4.2, < 5.1)
      request_store (~> 1.0)

GIT
  remote: git://github.com/refinery/refinerycms-i18n.git
  revision: c0aa59f016b061984ebda15282bc18011869ae02
  branch: feature/rails-5
  specs:
    refinerycms-i18n (3.0.1)
      rails-i18n (~> 5.0.0.beta3)
      routing-filter (>= 0.4.0)

GIT
  remote: git://github.com/refinery/refinerycms.git
  revision: 1fd12c9b3d6572bcb86353139e06f700757d6d38
  branch: feature/rails-5
  specs:
    refinerycms-pages (3.0.3)
      awesome_nested_set (~> 3.0.0)
      babosa (!= 0.3.6)
      friendly_id (>= 5.1.0, < 5.3)
      globalize (>= 4.0.0, < 5.2)
      refinerycms-core (= 3.0.3)
      seo_meta (~> 2.0.0.rc.1)
      speakingurl-rails (~> 8.0.0)

GIT
  remote: git://github.com/svenfuchs/routing-filter.git
  revision: b12870dcca30bb7c3d02c9f28aa263ea8cb11757
  branch: master
  specs:
    routing-filter (0.5.1)
      actionpack (>= 4.2, < 5.1)
      activesupport (>= 4.2, < 5.1)

PATH
  remote: /Volumes/inertialbox/work/gplink/reference/refinerycms
  specs:
    refinerycms (3.0.3)
      refinerycms-core (= 3.0.3)
      refinerycms-images (= 3.0.3)
      refinerycms-pages (= 3.0.3)
      refinerycms-resources (= 3.0.3)

GEM
  remote: https://rubygems.org/
  specs:
    actioncable (5.0.0.beta3)
      actionpack (= 5.0.0.beta3)
      nio4r (~> 1.2)
      websocket-driver (~> 0.6.1)
    actionmailer (5.0.0.beta3)
      actionpack (= 5.0.0.beta3)
      actionview (= 5.0.0.beta3)
      activejob (= 5.0.0.beta3)
      mail (~> 2.5, >= 2.5.4)
      rails-dom-testing (~> 1.0, >= 1.0.5)
    actionpack (5.0.0.beta3)
      actionview (= 5.0.0.beta3)
      activesupport (= 5.0.0.beta3)
      rack (~> 2.x)
      rack-test (~> 0.6.3)
      rails-dom-testing (~> 1.0, >= 1.0.5)
      rails-html-sanitizer (~> 1.0, >= 1.0.2)
    actionview (5.0.0.beta3)
      activesupport (= 5.0.0.beta3)
      builder (~> 3.1)
      erubis (~> 2.7.0)
      rails-dom-testing (~> 1.0, >= 1.0.5)
      rails-html-sanitizer (~> 1.0, >= 1.0.2)
    activejob (5.0.0.beta3)
      activesupport (= 5.0.0.beta3)
      globalid (>= 0.3.6)
    activemodel (5.0.0.beta3)
      activesupport (= 5.0.0.beta3)
    activemodel-serializers-xml (1.0.1)
      activemodel (> 5.x)
      activerecord (> 5.x)
      activesupport (> 5.x)
      builder (~> 3.1)
    activerecord (5.0.0.beta3)
      activemodel (= 5.0.0.beta3)
      activesupport (= 5.0.0.beta3)
      arel (~> 7.0)
    activesupport (5.0.0.beta3)
      concurrent-ruby (~> 1.0)
      i18n (~> 0.7)
      minitest (~> 5.1)
      tzinfo (~> 1.1)
    acts_as_indexed (0.8.3)
    addressable (2.4.0)
    annotate (2.7.0)
      activerecord (>= 3.2, < 6.0)
      rake (~> 10.4)
    arel (7.0.0)
    ast (2.2.0)
    awesome_nested_set (3.0.3)
      activerecord (>= 4.0.0, < 5)
    awesome_print (1.6.1)
    babel-source (5.8.35)
    babel-transpiler (0.7.0)
      babel-source (>= 4.0, < 6)
      execjs (~> 2.0)
    babosa (1.0.2)
    bcrypt (3.1.11)
    better_errors (2.1.1)
      coderay (>= 1.0.0)
      erubis (>= 2.6.6)
      rack (>= 0.9.0)
    binding_of_caller (0.7.2)
      debug_inspector (>= 0.0.1)
    bitters (1.3.1)
      bourbon (>= 5.0.0.beta.3)
      sass (~> 3.4)
      thor (~> 0.19)
    bourbon (5.0.0.beta.5)
      sass (~> 3.4)
      thor (~> 0.19)
    bower-rails (0.10.0)
    builder (3.2.2)
    bullet (5.0.0)
      activesupport (>= 3.0.0)
      uniform_notifier (~> 1.9.0)
    byebug (8.2.3)
    cancancan (1.13.1)
    capybara (2.7.0)
      addressable
      mime-types (>= 1.16)
      nokogiri (>= 1.3.3)
      rack (>= 1.0.0)
      rack-test (>= 0.5.4)
      xpath (~> 2.0)
    capybara-screenshot (1.0.12)
      capybara (>= 1.0, < 3)
      launchy
    chronic (0.10.2)
    cliver (0.3.2)
    code_analyzer (0.4.5)
      sexp_processor
    coderay (1.1.1)
    coffee-rails (4.1.1)
      coffee-script (>= 2.2.0)
      railties (>= 4.0.0, < 5.1.x)
    coffee-script (2.4.1)
      coffee-script-source
      execjs
    coffee-script-source (1.10.0)
    concurrent-ruby (1.0.1)
    crack (0.4.3)
      safe_yaml (~> 1.0.0)
    daemons (1.2.3)
    database_cleaner (1.5.1)
    debug_inspector (0.0.2)
    decorators (2.0.1)
      railties (>= 4.0.0, < 5.0.0)
    diff-lcs (1.2.5)
    docile (1.1.5)
    dotenv (2.1.1)
    dotenv-rails (2.1.1)
      dotenv (= 2.1.1)
      railties (>= 4.0, < 5.1)
    dragonfly (1.0.12)
      addressable (~> 2.3)
      multi_json (~> 1.0)
      rack (>= 1.3.0)
    easy_mailchimp (0.1.7)
      activesupport (>= 4.2.0)
      gibbon (~> 2.2.0)
    em-websocket (0.5.1)
      eventmachine (>= 0.12.9)
      http_parser.rb (~> 0.6.0)
    erubis (2.7.0)
    eventmachine (1.2.0.1)
    execjs (2.6.0)
    factory_girl (4.5.0)
      activesupport (>= 3.0.0)
    factory_girl_rails (4.6.0)
      factory_girl (~> 4.5.0)
      railties (>= 3.0.0)
    fakeweb (1.3.0)
    faraday (0.9.2)
      multipart-post (>= 1.2, < 3)
    ffaker (2.2.0)
    ffi (1.9.10)
    font-awesome-sass (4.6.2)
      sass (>= 3.2)
    foreman (0.78.0)
      thor (~> 0.19.1)
    formatador (0.2.5)
    foundation-rails (6.1.2.0)
      railties (>= 3.1.0)
      sass (>= 3.3.0, < 3.5)
    friendly_id (5.1.0)
      activerecord (>= 4.0.0)
    fuubar (1.3.3)
      rspec (>= 2.14.0, < 3.1.0)
      ruby-progressbar (~> 1.4)
    gibbon (2.2.3)
      faraday (>= 0.9.1)
      multi_json (>= 1.11.0)
    globalid (0.3.6)
      activesupport (>= 4.1.0)
    guard (2.13.0)
      formatador (>= 0.2.4)
      listen (>= 2.7, <= 4.0)
      lumberjack (~> 1.0)
      nenv (~> 0.1)
      notiffany (~> 0.0)
      pry (>= 0.9.12)
      shellany (~> 0.0)
      thor (>= 0.18.1)
    guard-compat (1.2.1)
    guard-livereload (2.5.2)
      em-websocket (~> 0.5)
      guard (~> 2.8)
      guard-compat (~> 1.0)
      multi_json (~> 1.8)
    guard-rspec (4.6.5)
      guard (~> 2.1)
      guard-compat (~> 1.1)
      rspec (>= 2.99.0, < 4.0)
    hashdiff (0.3.0)
    honeybadger (2.6.0)
    http_parser.rb (0.6.0)
    httparty (0.13.7)
      json (~> 1.8)
      multi_xml (>= 0.5.2)
    i18n (0.7.0)
    jquery-rails (4.1.1)
      rails-dom-testing (>= 1, < 3)
      railties (>= 4.2.0)
      thor (>= 0.14, < 2.0)
    jquery-ui-rails (5.0.5)
      railties (>= 3.2.16)
    json (1.8.3)
    kgio (2.10.0)
    launchy (2.4.3)
      addressable (~> 2.3)
    letter_opener (1.4.1)
      launchy (~> 2.2)
    libv8 (3.16.14.13)
    listen (3.0.6)
      rb-fsevent (>= 0.9.3)
      rb-inotify (>= 0.9.7)
    loofah (2.0.3)
      nokogiri (>= 1.5.9)
    lumberjack (1.0.10)
    mail (2.6.4)
      mime-types (>= 1.16, < 4)
    mailgun_rails (0.8.0)
      actionmailer (>= 3.2.13)
      json (>= 1.7.7)
      rest-client (>= 1.6.7)
    method_source (0.8.2)
    mime-types (3.0)
      mime-types-data (~> 3.2015)
    mime-types-data (3.2016.0221)
    mini_portile2 (2.0.0)
    minitest (5.8.4)
    multi_json (1.11.2)
    multi_xml (0.5.5)
    multipart-post (2.0.0)
    neat (1.7.4)
      bourbon (>= 4.0)
      sass (>= 3.3)
    nenv (0.3.0)
    nio4r (1.2.1)
    nokogiri (1.6.7.2)
      mini_portile2 (~> 2.0.0.rc2)
    notiffany (0.0.8)
      nenv (~> 0.1)
      shellany (~> 0.0)
    orm_adapter (0.5.0)
    parser (2.3.0.7)
      ast (~> 2.2)
    pg (0.18.4)
    poltergeist (1.9.0)
      capybara (~> 2.1)
      cliver (~> 0.3.1)
      multi_json (~> 1.0)
      websocket-driver (>= 0.2.0)
    powerpack (0.1.1)
    pry (0.10.3)
      coderay (~> 1.1.0)
      method_source (~> 0.8.1)
      slop (~> 3.4)
    pry-byebug (3.3.0)
      byebug (~> 8.0)
      pry (~> 0.10)
    pry-rails (0.3.4)
      pry (>= 0.9.10)
    pry-remote (0.1.8)
      pry (~> 0.9)
      slop (~> 3.0)
    pry-stack_explorer (0.4.9.2)
      binding_of_caller (>= 0.7)
      pry (>= 0.9.11)
    puma (3.3.0)
    quiet_assets (1.1.0)
      railties (>= 3.1, < 5.0)
    rack (2.0.0.alpha)
      json
    rack-livereload (0.3.16)
      rack
    rack-test (0.6.3)
      rack (>= 1.0)
    rails (5.0.0.beta3)
      actioncable (= 5.0.0.beta3)
      actionmailer (= 5.0.0.beta3)
      actionpack (= 5.0.0.beta3)
      actionview (= 5.0.0.beta3)
      activejob (= 5.0.0.beta3)
      activemodel (= 5.0.0.beta3)
      activerecord (= 5.0.0.beta3)
      activesupport (= 5.0.0.beta3)
      bundler (>= 1.3.0, < 2.0)
      railties (= 5.0.0.beta3)
      sprockets-rails (>= 2.0.0)
    rails-deprecated_sanitizer (1.0.3)
      activesupport (>= 4.2.0.alpha)
    rails-dom-testing (1.0.7)
      activesupport (>= 4.2.0.beta, < 5.0)
      nokogiri (~> 1.6.0)
      rails-deprecated_sanitizer (>= 1.0.1)
    rails-html-sanitizer (1.0.3)
      loofah (~> 2.0)
    rails-i18n (5.0.0.beta3)
      i18n (~> 0.7)
      railties (~> 5.0.0.beta1)
    rails_best_practices (1.16.0)
      activesupport
      code_analyzer (>= 0.4.3)
      erubis
      i18n
      json
      require_all
      ruby-progressbar
    railties (5.0.0.beta3)
      actionpack (= 5.0.0.beta3)
      activesupport (= 5.0.0.beta3)
      method_source
      rake (>= 0.8.7)
      thor (>= 0.18.1, < 2.0)
    rainbow (2.1.0)
    raindrops (0.16.0)
    rake (10.5.0)
    rb-fchange (0.0.6)
      ffi
    rb-fsevent (0.9.7)
    rb-inotify (0.9.7)
      ffi (>= 0.5.0)
    ref (2.0.0)
    refinerycms-core (3.0.3)
      actionmailer (>= 5.0.0.beta3, < 5.1)
      actionpack (>= 5.0.0.beta3, < 5.1)
      activerecord (>= 5.0.0.beta3, < 5.1)
      awesome_nested_set (~> 3.0.0)
      coffee-rails (~> 4.0, >= 4.0.0)
      decorators (~> 2.0.0)
      font-awesome-sass (>= 4.3.0, < 5.0)
      jquery-rails (>= 2.3.0)
      jquery-ui-rails (~> 5.0.0)
      railties (>= 5.0.0.beta3, < 5.1)
      refinerycms-i18n (~> 3.0.0)
      sass-rails (>= 4.0, < 5.1)
      truncate_html (~> 0.9)
      will_paginate (~> 3.1.0)
      zilch-authorisation
    refinerycms-images (3.0.3)
      dragonfly (~> 1.0.0)
      globalize (>= 4.0.0, < 5.2)
      refinerycms-core (= 3.0.3)
    refinerycms-resources (3.0.3)
      acts_as_indexed (~> 0.8.0)
      dragonfly (~> 1.0.0)
      globalize (>= 4.0.0, < 5.2)
      refinerycms-core (= 3.0.3)
    refinerycms-wymeditor (1.1.0)
      refinerycms-core (>= 3.0.0, < 5.0)
    request_store (1.3.1)
    require_all (1.3.3)
    responders (2.2.0)
      railties (>= 4.2.0, < 5.1)
    rest-client (1.6.7)
      mime-types (>= 1.16)
    rspec (2.99.0)
      rspec-core (~> 2.99.0)
      rspec-expectations (~> 2.99.0)
      rspec-mocks (~> 2.99.0)
    rspec-activejob (0.6.1)
      activejob (>= 4.2)
      rspec-mocks
    rspec-activemodel-mocks (1.0.3)
      activemodel (>= 3.0)
      activesupport (>= 3.0)
      rspec-mocks (>= 2.99, < 4.0)
    rspec-collection_matchers (1.1.2)
      rspec-expectations (>= 2.99.0.beta1)
    rspec-core (2.99.2)
    rspec-expectations (2.99.2)
      diff-lcs (>= 1.1.3, < 2.0)
    rspec-its (1.0.1)
      rspec-core (>= 2.99.0.beta1)
      rspec-expectations (>= 2.99.0.beta1)
    rspec-mocks (2.99.4)
    rspec-rails (2.99.0)
      actionpack (>= 3.0)
      activemodel (>= 3.0)
      activesupport (>= 3.0)
      railties (>= 3.0)
      rspec-collection_matchers
      rspec-core (~> 2.99.0)
      rspec-expectations (~> 2.99.0)
      rspec-mocks (~> 2.99.0)
    rubocop (0.39.0)
      parser (>= 2.3.0.7, < 3.0)
      powerpack (~> 0.1)
      rainbow (>= 1.99.1, < 3.0)
      ruby-progressbar (~> 1.7)
      unicode-display_width (~> 1.0, >= 1.0.1)
    ruby-progressbar (1.7.5)
    safe_yaml (1.0.4)
    sass (3.4.22)
    sass-rails (5.0.4)
      railties (>= 4.0.0, < 5.0)
      sass (~> 3.1)
      sprockets (>= 2.8, < 4.0)
      sprockets-rails (>= 2.0, < 4.0)
      tilt (>= 1.1, < 3)
    seo_meta (2.0.0.rc.1)
      railties (>= 3.0.0)
    sexp_processor (4.7.0)
    shellany (0.0.1)
    shoulda-matchers (3.0.1)
      activesupport (>= 4.0.0)
    simplecov (0.11.2)
      docile (~> 1.1.0)
      json (~> 1.8)
      simplecov-html (~> 0.10.0)
    simplecov-html (0.10.0)
    simplecov-rcov (0.2.3)
      simplecov (>= 0.4.1)
    slack-notifier (1.5.1)
    slop (3.6.0)
    speakingurl-rails (8.0.2)
      railties (>= 3.1)
    sprockets (3.6.0)
      concurrent-ruby (~> 1.0)
      rack (> 1, < 3)
    sprockets-es6 (0.9.0)
      babel-source (>= 5.8.11)
      babel-transpiler
      sprockets (>= 3.0.0)
    sprockets-rails (3.0.4)
      actionpack (>= 4.0)
      activesupport (>= 4.0)
      sprockets (>= 3.0.0)
    terminal-notifier (1.6.3)
    terminal-notifier-guard (1.7.0)
    therubyracer (0.12.2)
      libv8 (~> 3.16.14.0)
      ref
    thor (0.19.1)
    thread_safe (0.3.5)
    tilt (2.0.2)
    truncate_html (0.9.3)
    tzinfo (1.2.2)
      thread_safe (~> 0.1)
    uglifier (3.0.0)
      execjs (>= 0.3.0, < 3)
    unicode-display_width (1.0.3)
    unicorn (5.1.0)
      kgio (~> 2.6)
      raindrops (~> 0.7)
    uniform_notifier (1.9.0)
    vcr (3.0.1)
    warden (1.2.6)
      rack (>= 1.0)
    web-console (3.1.1)
      activemodel (>= 4.2)
      debug_inspector
      railties (>= 4.2)
    webmock (1.24.2)
      addressable (>= 2.3.6)
      crack (>= 0.3.2)
      hashdiff
    websocket-driver (0.6.3)
      websocket-extensions (>= 0.1.0)
    websocket-extensions (0.1.2)
    whenever (0.9.4)
      chronic (>= 0.6.3)
    xpath (2.0.0)
      nokogiri (~> 1.3)
    zilch-authorisation (0.0.1)

PLATFORMS
  ruby

DEPENDENCIES
  activemodel-serializers-xml
  annotate
  arel
  awesome_print
  better_errors
  binding_of_caller
  bitters
  bourbon
  bower-rails (~> 0.10.0)
  bullet
  bundler (~> 1.12.0)
  cancancan (~> 1.13.0)
  capybara
  capybara-screenshot
  coffee-rails (~> 4.1.0)
  daemons
  database_cleaner
  devise!
  dotenv-rails
  dragonfly (~> 1.0.0)
  easy_mailchimp (~> 0.1.0)
  factory_girl_rails
  fakeweb
  ffaker
  foreman
  foundation-rails (~> 6.1.2.0)
  friendly_id
  fuubar
  globalize!
  guard
  guard-livereload
  guard-rspec
  hashdiff
  honeybadger (~> 2.0)
  httparty (~> 0.13.0)
  jquery-rails
  jquery-ui-rails
  json
  letter_opener
  listen (~> 3.0.5)
  mailgun_rails
  neat
  pg (~> 0.18)
  poltergeist
  pry-byebug
  pry-rails
  pry-remote
  pry-stack_explorer
  puma
  quiet_assets
  rack-livereload
  rails (>= 5.0.0.beta3, < 5.1)
  rails_best_practices
  rb-fchange
  rb-fsevent
  rb-inotify
  refinerycms!
  refinerycms-i18n!
  refinerycms-pages!
  refinerycms-wymeditor (~> 1.1.0)
  routing-filter!
  rspec-activejob (~> 0.6.0)
  rspec-activemodel-mocks
  rspec-collection_matchers
  rspec-its
  rspec-rails
  rubocop
  sass-rails (~> 5.0)
  shoulda-matchers (~> 3.0.0)
  simplecov
  simplecov-rcov
  slack-notifier (~> 1.5.0)
  sprockets
  sprockets-es6
  terminal-notifier
  terminal-notifier-guard
  therubyracer
  uglifier (>= 1.3.0)
  unicorn
  vcr
  web-console (~> 3.0)
  webmock
  whenever
  will_paginate!

BUNDLED WITH
   1.12.3
